PATH
  remote: .
  specs:
    digest-rails (0.5.5)
      axle
      rails (~> 3.2.21)

PATH
  remote: ../axle
  specs:
    axle (0.5.5)
      browserify-rails
      rails (~> 3.2.21)

GEM
  remote: https://rubygems.org/
  specs:
    actionmailer (3.2.21)
      actionpack (= 3.2.21)
      mail (~> 2.5.4)
    actionpack (3.2.21)
      activemodel (= 3.2.21)
      activesupport (= 3.2.21)
      builder (~> 3.0.0)
      erubis (~> 2.7.0)
      journey (~> 1.0.4)
      rack (~> 1.4.5)
      rack-cache (~> 1.2)
      rack-test (~> 0.6.1)
      sprockets (~> 2.2.1)
    activemodel (3.2.21)
      activesupport (= 3.2.21)
      builder (~> 3.0.0)
    activerecord (3.2.21)
      activemodel (= 3.2.21)
      activesupport (= 3.2.21)
      arel (~> 3.0.2)
      tzinfo (~> 0.3.29)
    activeresource (3.2.21)
      activemodel (= 3.2.21)
      activesupport (= 3.2.21)
    activesupport (3.2.21)
      i18n (~> 0.6, >= 0.6.4)
      multi_json (~> 1.0)
    arel (3.0.3)
    binding_of_caller (0.7.2)
      debug_inspector (>= 0.0.1)
    browserify-rails (0.7.4)
      sprockets (~> 2.0)
    builder (3.0.4)
    coderay (1.1.0)
    debug_inspector (0.0.2)
    diff-lcs (1.2.5)
    erubis (2.7.0)
    foundation-rails (5.5.1.0)
      railties (>= 3.1.0)
      sass (>= 3.3.0, < 3.5)
    hike (1.2.3)
    i18n (0.7.0)
    interception (0.5)
    journey (1.0.4)
    json (1.8.2)
    mail (2.5.4)
      mime-types (~> 1.16)
      treetop (~> 1.4.8)
    method_source (0.8.2)
    mime-types (1.25.1)
    multi_json (1.10.1)
    polyglot (0.3.5)
    pry (0.10.1)
      coderay (~> 1.1.0)
      method_source (~> 0.8.1)
      slop (~> 3.4)
    pry-rescue (1.4.1)
      interception (>= 0.5)
      pry
    pry-stack_explorer (0.4.9.2)
      binding_of_caller (>= 0.7)
      pry (>= 0.9.11)
    rack (1.4.5)
    rack-cache (1.2)
      rack (>= 0.4)
    rack-ssl (1.3.4)
      rack
    rack-test (0.6.3)
      rack (>= 1.0)
    rails (3.2.21)
      actionmailer (= 3.2.21)
      actionpack (= 3.2.21)
      activerecord (= 3.2.21)
      activeresource (= 3.2.21)
      activesupport (= 3.2.21)
      bundler (~> 1.0)
      railties (= 3.2.21)
    railties (3.2.21)
      actionpack (= 3.2.21)
      activesupport (= 3.2.21)
      rack-ssl (~> 1.3.2)
      rake (>= 0.8.7)
      rdoc (~> 3.4)
      thor (>= 0.14.6, < 2.0)
    rake (10.4.2)
    rdoc (3.12.2)
      json (~> 1.4)
    rspec-core (3.2.0)
      rspec-support (~> 3.2.0)
    rspec-expectations (3.2.0)
      diff-lcs (>= 1.2.0, < 2.0)
      rspec-support (~> 3.2.0)
    rspec-mocks (3.2.0)
      diff-lcs (>= 1.2.0, < 2.0)
      rspec-support (~> 3.2.0)
    rspec-rails (3.2.0)
      actionpack (>= 3.0, <= 4.2)
      activesupport (>= 3.0, <= 4.2)
      railties (>= 3.0, <= 4.2)
      rspec-core (~> 3.2.0)
      rspec-expectations (~> 3.2.0)
      rspec-mocks (~> 3.2.0)
      rspec-support (~> 3.2.0)
    rspec-support (3.2.1)
    sass (3.4.12)
    slop (3.6.0)
    sprockets (2.2.3)
      hike (~> 1.2)
      multi_json (~> 1.0)
      rack (~> 1.0)
      tilt (~> 1.1, != 1.3.0)
    sqlite3 (1.3.10)
    thor (0.19.1)
    tilt (1.4.1)
    treetop (1.4.15)
      polyglot
      polyglot (>= 0.3.1)
    tzinfo (0.3.43)

PLATFORMS
  ruby

DEPENDENCIES
  axle (~> 0.5.3)!
  digest-rails!
  foundation-rails
  pry-rescue
  pry-stack_explorer
  rspec-rails (~> 3.2.0)
  sqlite3
